GEM
  remote: http://rubygems.org/
  specs:
    activesupport (5.2.3)
      concurrent-ruby (~> 1.0, >= 1.0.2)
      i18n (>= 0.7, < 2)
      minitest (~> 5.1)
      tzinfo (~> 1.1)
    addressable (2.6.0)
      public_suffix (>= 2.0.2, < 4.0)
    ast (2.4.0)
    aws-eventstream (1.0.3)
    aws-partitions (1.176.0)
    aws-sdk-core (3.56.0)
      aws-eventstream (~> 1.0, >= 1.0.2)
      aws-partitions (~> 1.0)
      aws-sigv4 (~> 1.1)
      jmespath (~> 1.0)
    aws-sdk-kms (1.22.0)
      aws-sdk-core (~> 3, >= 3.56.0)
      aws-sigv4 (~> 1.1)
    aws-sdk-s3 (1.43.0)
      aws-sdk-core (~> 3, >= 3.56.0)
      aws-sdk-kms (~> 1)
      aws-sigv4 (~> 1.1)
    aws-sigv4 (1.1.0)
      aws-eventstream (~> 1.0, >= 1.0.2)
    backports (3.11.4)
    concurrent-ruby (1.1.5)
    crack (0.4.3)
      safe_yaml (~> 1.0.0)
    diff-lcs (1.3)
    docile (1.3.1)
    faraday (0.15.4)
      multipart-post (>= 1.2, < 3)
    ffi (1.10.0)
    govuk-lint (3.11.2)
      rubocop (~> 0.64)
      rubocop-rspec (~> 1.28)
      scss_lint
    hashdiff (0.4.0)
    i18n (1.6.0)
      concurrent-ruby (~> 1.0)
    jaro_winkler (1.5.2)
    jmespath (1.4.0)
    json (2.1.0)
    minitest (5.11.3)
    multi_json (1.13.1)
    multipart-post (2.0.0)
    mustermann (1.0.3)
    mysql2 (0.5.2)
    nio4r (2.3.1)
    parallel (1.17.0)
    parser (2.6.3.0)
      ast (~> 2.4.0)
    public_suffix (3.1.0)
    puma (4.0.0)
      nio4r (~> 2.0)
    rack (2.0.7)
    rack-protection (2.0.5)
      rack
    rack-test (1.1.0)
      rack (>= 1.0, < 3)
    rainbow (3.0.0)
    rake (12.3.2)
    rb-fsevent (0.10.3)
    rb-inotify (0.10.0)
      ffi (~> 1.0)
    require_all (3.0.0)
    rspec (3.8.0)
      rspec-core (~> 3.8.0)
      rspec-expectations (~> 3.8.0)
      rspec-mocks (~> 3.8.0)
    rspec-core (3.8.0)
      rspec-support (~> 3.8.0)
    rspec-expectations (3.8.0)
      diff-lcs (>= 1.2.0, < 2.0)
      rspec-support (~> 3.8.0)
    rspec-mocks (3.8.0)
      diff-lcs (>= 1.2.0, < 2.0)
      rspec-support (~> 3.8.0)
    rspec-support (3.8.0)
    rubocop (0.68.1)
      jaro_winkler (~> 1.5.1)
      parallel (~> 1.10)
      parser (>= 2.5, != 2.5.1.1)
      rainbow (>= 2.2.2, < 4.0)
      ruby-progressbar (~> 1.7)
      unicode-display_width (>= 1.4.0, < 1.6)
    rubocop-rspec (1.32.0)
      rubocop (>= 0.60.0)
    ruby-progressbar (1.10.0)
    safe_yaml (1.0.5)
    sass (3.7.4)
      sass-listen (~> 4.0.0)
    sass-listen (4.0.0)
      rb-fsevent (~> 0.9, >= 0.9.4)
      rb-inotify (~> 0.9, >= 0.9.7)
    scss_lint (0.58.0)
      rake (>= 0.9, < 13)
      sass (~> 3.5, >= 3.5.5)
    sensible_logging (0.4.1)
      activesupport (~> 5.2)
      rack (~> 2.0)
    sentry-raven (2.9.0)
      faraday (>= 0.7.6, < 1.0)
    sequel (5.21.0)
    simplecov (0.16.1)
      docile (~> 1.1)
      json (>= 1.8, < 3)
      simplecov-html (~> 0.10.0)
    simplecov-html (0.10.2)
    sinatra (2.0.5)
      mustermann (~> 1.0)
      rack (~> 2.0)
      rack-protection (= 2.0.5)
      tilt (~> 2.0)
    sinatra-contrib (2.0.5)
      backports (>= 2.8.2)
      multi_json
      mustermann (~> 1.0)
      rack-protection (= 2.0.5)
      sinatra (= 2.0.5)
      tilt (>= 1.3, < 3)
    thread_safe (0.3.6)
    tilt (2.0.9)
    timecop (0.9.1)
    tzinfo (1.2.5)
      thread_safe (~> 0.1)
    unicode-display_width (1.5.0)
    webmock (3.6.0)
      addressable (>= 2.3.6)
      crack (>= 0.3.2)
      hashdiff (>= 0.4.0, < 2.0.0)

PLATFORMS
  ruby

DEPENDENCIES
  aws-sdk-s3 (~> 1)
  govuk-lint
  mysql2
  puma
  rack-test
  rake (~> 12.3)
  require_all
  rspec
  sensible_logging (~> 0.4.1)
  sentry-raven
  sequel (~> 5.21)
  simplecov
  sinatra
  sinatra-contrib
  timecop
  webmock

RUBY VERSION
   ruby 2.6.3p62

BUNDLED WITH
   1.17.3
